GEM
  remote: https://rubygems.org/
  specs:
    docx (0.2.07)
      nokogiri (~> 1.5)
      rubyzip (~> 1.1.6)
    mini_portile2 (2.1.0)
    nokogiri (1.7.1)
      mini_portile2 (~> 2.1.0)
    rubyzip (1.1.7)

PLATFORMS
  ruby

DEPENDENCIES
  docx (~> 0.2.07)

BUNDLED WITH
   1.13.6
